{
	"Modality": "MR",
	"MagneticFieldStrength": 3,
	"ImagingFrequency": 123.249,
	"Manufacturer": "Siemens",
	"ManufacturersModelName": "Prisma_fit",
	"InstitutionName": "Beckman_Institute",
	"InstitutionalDepartmentName": "Department",
	"InstitutionAddress": "North_Matthews_Avenue_405_Urbana_Illinois_US_61801",
	"DeviceSerialNumber": "167035",
	"StationName": "TIM_TRIO",
	"BodyPartExamined": "BRAIN",
	"PatientPosition": "HFS",
	"ProcedureStepDescription": "Sutton_SeqTesting",
	"SoftwareVersions": "syngo_MR_E11",
	"MRAcquisitionType": "3D",
	"SeriesDescription": "t2_de3d_we_cor_iso",
	"ProtocolName": "t2_de3d_we_cor_iso",
	"ScanningSequence": "GR",
	"SequenceVariant": "SS_OSP",
	"ScanOptions": "PFP_WE",
	"SequenceName": "_de3d1",
	"ImageType": ["ORIGINAL", "PRIMARY", "M", "DIS2D"],
	"SeriesNumber": 137,
	"AcquisitionTime": "22:44:44.907500",
	"AcquisitionNumber": 1,
	"SliceThickness": 0.4,
	"SAR": 0.64647,
	"EchoTime": 0.0052,
	"RepetitionTime": 0.01395,
	"FlipAngle": 30,
	"PartialFourier": 0.875,
	"Interpolation2D": 1,
	"BaseResolution": 256,
	"ShimSetting": [
		675,
		6112,
		-1900,
		-2423,
		1066,
		-1126,
		-991,
		-850	],
	"TxRefAmp": 246.755,
	"PhaseResolution": 0.95,
	"PhaseOversampling": 0.15,
	"ReceiveCoilName": "8CH_Piglet",
	"ReceiveCoilActiveElements": "CH1-8",
	"PulseSequenceDetails": "%SiemensSeq%_dess",
	"ConsistencyInfo": "N4_VE11C_LATEST_20160120",
	"PercentPhaseFOV": 100,
	"EchoTrainLength": 2,
	"PhaseEncodingSteps": 245,
	"AcquisitionMatrixPE": 243,
	"ReconMatrixPE": 512,
	"PixelBandwidth": 285,
	"DwellTime": 6.9e-06,
	"ImageOrientationPatientDICOM": [
		1,
		0,
		0,
		0,
		0,
		-1	],
	"InPlanePhaseEncodingDirectionDICOM": "ROW",
	"ConversionSoftware": "dcm2niix",
	"ConversionSoftwareVersion": "v1.0.20190410  MSC1900"
}
