{
	"Modality": "MR",
	"MagneticFieldStrength": 3,
	"ImagingFrequency": 123.249,
	"Manufacturer": "Siemens",
	"ManufacturersModelName": "Prisma_fit",
	"InstitutionName": "Beckman_Institute",
	"InstitutionalDepartmentName": "Department",
	"InstitutionAddress": "North_Matthews_Avenue_405_Urbana_Illinois_US_61801",
	"DeviceSerialNumber": "167035",
	"StationName": "TIM_TRIO",
	"BodyPartExamined": "BRAIN",
	"PatientPosition": "HFS",
	"ProcedureStepDescription": "Sutton_SeqTesting",
	"SoftwareVersions": "syngo_MR_E11",
	"MRAcquisitionType": "2D",
	"SeriesDescription": "ep2d_advdiff_919D",
	"ProtocolName": "ep2d_advdiff_919D",
	"ScanningSequence": "EP",
	"SequenceVariant": "SK_SP",
	"ScanOptions": "PFP_FS",
	"SequenceName": "WIP_b0",
	"ImageType": ["ORIGINAL", "PRIMARY", "DIFFUSION", "NONE", "ND", "MOSAIC"],
	"SeriesNumber": 70,
	"AcquisitionTime": "21:42:40.480000",
	"AcquisitionNumber": 1,
	"SliceThickness": 3.4,
	"SpacingBetweenSlices": 3.4,
	"SAR": 0.111519,
	"EchoTime": 0.049,
	"RepetitionTime": 12,
	"FlipAngle": 180,
	"PartialFourier": 0.75,
	"BaseResolution": 64,
	"ShimSetting": [
		717,
		6070,
		-1946,
		-1912,
		590,
		101,
		-900,
		-284	],
	"TxRefAmp": 246.755,
	"PhaseResolution": 1,
	"ReceiveCoilName": "8CH_Piglet",
	"ReceiveCoilActiveElements": "CH1-8",
	"PulseSequenceDetails": "%CustomerSeq%_ep2d_advdiff_919D",
	"WipMemBlock": "WIP_Identifier: WIP#919D(Tue Sep 18 16:19:24 2018)",
	"ConsistencyInfo": "N4_VE11C_LATEST_20160120",
	"PercentPhaseFOV": 100,
	"EchoTrainLength": 48,
	"PhaseEncodingSteps": 48,
	"AcquisitionMatrixPE": 64,
	"ReconMatrixPE": 64,
	"BandwidthPerPixelPhaseEncode": 27.902,
	"EffectiveEchoSpacing": 0.000559996,
	"DerivedVendorReportedEchoSpacing": 0.000559996,
	"TotalReadoutTime": 0.0352797,
	"PixelBandwidth": 2005,
	"DwellTime": 3.9e-06,
	"PhaseEncodingDirection": "j-",
	"SliceTiming": [
		5.99,
		0,
		6.59,
		0.6,
		7.1875,
		1.1975,
		7.7875,
		1.7975,
		8.385,
		2.395,
		8.985,
		2.995,
		9.5825,
		3.595,
		10.1825,
		4.1925,
		10.7825,
		4.7925,
		11.38,
		5.39	],
	"ImageOrientationPatientDICOM": [
		1,
		0,
		0,
		0,
		1,
		0	],
	"InPlanePhaseEncodingDirectionDICOM": "COL",
	"ConversionSoftware": "dcm2niix",
	"ConversionSoftwareVersion": "v1.0.20190410  MSC1900"
}
